GEM
  remote: https://rubygems.org/
  specs:
    addressable (2.8.7)
      public_suffix (>= 2.0.2, < 7.0)
    ast (2.4.2)
    aws-eventstream (1.3.0)
    aws-partitions (1.946.0)
    aws-sdk-core (3.197.2)
      aws-eventstream (~> 1, >= 1.3.0)
      aws-partitions (~> 1, >= 1.651.0)
      aws-sigv4 (~> 1.8)
      jmespath (~> 1, >= 1.6.1)
    aws-sdk-polly (1.87.0)
      aws-sdk-core (~> 3, >= 3.197.0)
      aws-sigv4 (~> 1.1)
    aws-sigv4 (1.8.0)
      aws-eventstream (~> 1, >= 1.0.2)
    babosa (2.0.0)
    base64 (0.2.0)
    byebug (11.1.3)
    coderay (1.1.3)
    cohere-ai (1.1.0)
      faraday (~> 2.9)
      faraday-typhoeus (~> 1.1)
    concurrent-ruby (1.3.3)
    dotenv (3.1.2)
    ethon (0.16.0)
      ffi (>= 1.15.0)
    event_stream_parser (1.0.0)
    faraday (2.9.2)
      faraday-net_http (>= 2.0, < 3.2)
    faraday-multipart (1.0.4)
      multipart-post (~> 2)
    faraday-net_http (3.1.0)
      net-http
    faraday-retry (2.2.1)
      faraday (~> 2.0)
    faraday-typhoeus (1.1.0)
      faraday (~> 2.0)
      typhoeus (~> 1.4)
    ffi (1.17.0-x86_64-linux-gnu)
    gapic-common (0.21.1)
      faraday (>= 1.9, < 3.a)
      faraday-retry (>= 1.0, < 3.a)
      google-protobuf (~> 3.18)
      googleapis-common-protos (>= 1.4.0, < 2.a)
      googleapis-common-protos-types (>= 1.11.0, < 2.a)
      googleauth (~> 1.9)
      grpc (~> 1.59)
    gemini-ai (4.0.0)
      event_stream_parser (~> 1.0)
      faraday (~> 2.9)
      faraday-typhoeus (~> 1.1)
      googleauth (~> 1.8)
      typhoeus (~> 1.4, >= 1.4.1)
    google-cloud-core (1.7.0)
      google-cloud-env (>= 1.0, < 3.a)
      google-cloud-errors (~> 1.0)
    google-cloud-env (2.1.1)
      faraday (>= 1.0, < 3.a)
    google-cloud-errors (1.4.0)
    google-cloud-text_to_speech (1.7.0)
      google-cloud-core (~> 1.6)
      google-cloud-text_to_speech-v1 (>= 0.12, < 2.a)
      google-cloud-text_to_speech-v1beta1 (>= 0.13, < 2.a)
    google-cloud-text_to_speech-v1 (0.13.0)
      gapic-common (>= 0.21.1, < 2.a)
      google-cloud-errors (~> 1.0)
    google-cloud-text_to_speech-v1beta1 (0.14.0)
      gapic-common (>= 0.21.1, < 2.a)
      google-cloud-errors (~> 1.0)
    google-protobuf (3.25.3-x86_64-linux)
    googleapis-common-protos (1.6.0)
      google-protobuf (>= 3.18, < 5.a)
      googleapis-common-protos-types (~> 1.7)
      grpc (~> 1.41)
    googleapis-common-protos-types (1.15.0)
      google-protobuf (>= 3.18, < 5.a)
    googleauth (1.11.0)
      faraday (>= 1.0, < 3.a)
      google-cloud-env (~> 2.1)
      jwt (>= 1.4, < 3.0)
      multi_json (~> 1.11)
      os (>= 0.9, < 2.0)
      signet (>= 0.16, < 2.a)
    grpc (1.64.0-x86_64-linux)
      google-protobuf (~> 3.25)
      googleapis-common-protos-types (~> 1.0)
    jmespath (1.6.2)
    json (2.7.2)
    jwt (2.8.2)
      base64
    language_server-protocol (3.17.0.3)
    maritaca-ai (1.2.0)
      event_stream_parser (~> 1.0)
      faraday (~> 2.9)
      faraday-typhoeus (~> 1.1)
    method_source (1.1.0)
    mistral-ai (1.2.0)
      event_stream_parser (~> 1.0)
      faraday (~> 2.9)
      faraday-typhoeus (~> 1.1)
    multi_json (1.15.0)
    multipart-post (2.4.1)
    nano-bots (3.3.0)
      babosa (~> 2.0)
      cohere-ai (~> 1.1)
      concurrent-ruby (~> 1.3, >= 1.3.3)
      dotenv (~> 3.1, >= 3.1.2)
      faraday (~> 2.9, >= 2.9.2)
      faraday-typhoeus (~> 1.1)
      gemini-ai (~> 4.0)
      maritaca-ai (~> 1.2)
      mistral-ai (~> 1.2)
      ollama-ai (~> 1.2, >= 1.2.1)
      pry (~> 0.14.2)
      rainbow (~> 3.1, >= 3.1.1)
      rbnacl (~> 7.1, >= 7.1.1)
      redcarpet (~> 3.6)
      ruby-openai (~> 7.1)
      sweet-moon (~> 1.0)
      typhoeus (~> 1.4, >= 1.4.1)
    net-http (0.4.1)
      uri
    ollama-ai (1.2.1)
      faraday (~> 2.9)
      faraday-typhoeus (~> 1.1)
    os (1.1.4)
    parallel (1.25.1)
    parser (3.3.3.0)
      ast (~> 2.4.1)
      racc
    pry (0.14.2)
      coderay (~> 1.1)
      method_source (~> 1.0)
    pry-byebug (3.10.1)
      byebug (~> 11.0)
      pry (>= 0.13, < 0.15)
    public_suffix (6.0.0)
    racc (1.8.0)
    rainbow (3.1.1)
    rbnacl (7.1.1)
      ffi
    redcarpet (3.6.0)
    regexp_parser (2.9.2)
    rexml (3.3.0)
      strscan
    rubocop (1.64.1)
      json (~> 2.3)
      language_server-protocol (>= 3.17.0)
      parallel (~> 1.10)
      parser (>= 3.3.0.2)
      rainbow (>= 2.2.2, < 4.0)
      regexp_parser (>= 1.8, < 3.0)
      rexml (>= 3.2.5, < 4.0)
      rubocop-ast (>= 1.31.1, < 2.0)
      ruby-progressbar (~> 1.7)
      unicode-display_width (>= 2.4.0, < 3.0)
    rubocop-ast (1.31.3)
      parser (>= 3.3.1.0)
    ruby-openai (7.1.0)
      event_stream_parser (>= 0.3.0, < 2.0.0)
      faraday (>= 1)
      faraday-multipart (>= 1)
    ruby-progressbar (1.13.0)
    signet (0.19.0)
      addressable (~> 2.8)
      faraday (>= 0.17.5, < 3.a)
      jwt (>= 1.5, < 3.0)
      multi_json (~> 1.10)
    strscan (3.1.0)
    sweet-moon (1.0.0)
      ffi (~> 1.17)
    typhoeus (1.4.1)
      ethon (>= 0.9.0)
    unicode-display_width (2.5.0)
    uri (0.13.0)

PLATFORMS
  x86_64-linux

DEPENDENCIES
  aws-sdk-polly (~> 1.87)
  dotenv (~> 3.1, >= 3.1.2)
  google-cloud-text_to_speech (~> 1.7)
  nano-bots (~> 3.3)
  pry-byebug (~> 3.10, >= 3.10.1)
  rainbow (~> 3.1, >= 3.1.1)
  rubocop (~> 1.64, >= 1.64.1)
  ruby-openai (~> 7.1)

BUNDLED WITH
   2.4.22
