GEM
  remote: https://rubygems.org/
  specs:
    addressable (2.8.6)
      public_suffix (>= 2.0.2, < 6.0)
    ast (2.4.2)
    aws-eventstream (1.3.0)
    aws-partitions (1.868.0)
    aws-sdk-core (3.190.0)
      aws-eventstream (~> 1, >= 1.3.0)
      aws-partitions (~> 1, >= 1.651.0)
      aws-sigv4 (~> 1.8)
      jmespath (~> 1, >= 1.6.1)
    aws-sdk-polly (1.80.0)
      aws-sdk-core (~> 3, >= 3.188.0)
      aws-sigv4 (~> 1.1)
    aws-sigv4 (1.8.0)
      aws-eventstream (~> 1, >= 1.0.2)
    babosa (2.0.0)
    base64 (0.2.0)
    byebug (11.1.3)
    coderay (1.1.3)
    concurrent-ruby (1.2.2)
    dotenv (2.8.1)
    event_stream_parser (1.0.0)
    faraday (2.7.12)
      base64
      faraday-net_http (>= 2.0, < 3.1)
      ruby2_keywords (>= 0.0.4)
    faraday-multipart (1.0.4)
      multipart-post (~> 2)
    faraday-net_http (3.0.2)
    faraday-retry (2.2.0)
      faraday (~> 2.0)
    ffi (1.16.3)
    gapic-common (0.21.1)
      faraday (>= 1.9, < 3.a)
      faraday-retry (>= 1.0, < 3.a)
      google-protobuf (~> 3.18)
      googleapis-common-protos (>= 1.4.0, < 2.a)
      googleapis-common-protos-types (>= 1.11.0, < 2.a)
      googleauth (~> 1.9)
      grpc (~> 1.59)
    gemini-ai (2.2.0)
      event_stream_parser (~> 1.0)
      faraday (~> 2.7, >= 2.7.12)
      googleauth (~> 1.9, >= 1.9.1)
    google-cloud-core (1.6.1)
      google-cloud-env (>= 1.0, < 3.a)
      google-cloud-errors (~> 1.0)
    google-cloud-env (2.1.0)
      faraday (>= 1.0, < 3.a)
    google-cloud-errors (1.3.1)
    google-cloud-text_to_speech (1.5.0)
      google-cloud-core (~> 1.6)
      google-cloud-text_to_speech-v1 (>= 0.9, < 2.a)
      google-cloud-text_to_speech-v1beta1 (>= 0.10, < 2.a)
    google-cloud-text_to_speech-v1 (0.11.0)
      gapic-common (>= 0.20.0, < 2.a)
      google-cloud-errors (~> 1.0)
    google-cloud-text_to_speech-v1beta1 (0.12.0)
      gapic-common (>= 0.20.0, < 2.a)
      google-cloud-errors (~> 1.0)
    google-protobuf (3.25.1-x86_64-linux)
    googleapis-common-protos (1.4.0)
      google-protobuf (~> 3.14)
      googleapis-common-protos-types (~> 1.2)
      grpc (~> 1.27)
    googleapis-common-protos-types (1.11.0)
      google-protobuf (~> 3.18)
    googleauth (1.9.1)
      faraday (>= 1.0, < 3.a)
      google-cloud-env (~> 2.1)
      jwt (>= 1.4, < 3.0)
      multi_json (~> 1.11)
      os (>= 0.9, < 2.0)
      signet (>= 0.16, < 2.a)
    grpc (1.60.0-x86_64-linux)
      google-protobuf (~> 3.25)
      googleapis-common-protos-types (~> 1.0)
    jmespath (1.6.2)
    json (2.7.1)
    jwt (2.7.1)
    language_server-protocol (3.17.0.3)
    method_source (1.0.0)
    multi_json (1.15.0)
    multipart-post (2.3.0)
    nano-bots (2.2.0)
      babosa (~> 2.0)
      concurrent-ruby (~> 1.2, >= 1.2.2)
      dotenv (~> 2.8, >= 2.8.1)
      gemini-ai (~> 2.2)
      pry (~> 0.14.2)
      rainbow (~> 3.1, >= 3.1.1)
      rbnacl (~> 7.1, >= 7.1.1)
      ruby-openai (~> 6.3, >= 6.3.1)
      sweet-moon (~> 0.0.7)
    os (1.1.4)
    parallel (1.24.0)
    parser (3.2.2.4)
      ast (~> 2.4.1)
      racc
    pry (0.14.2)
      coderay (~> 1.1)
      method_source (~> 1.0)
    pry-byebug (3.10.1)
      byebug (~> 11.0)
      pry (>= 0.13, < 0.15)
    public_suffix (5.0.4)
    racc (1.7.3)
    rainbow (3.1.1)
    rbnacl (7.1.1)
      ffi
    regexp_parser (2.8.3)
    rexml (3.2.6)
    rubocop (1.59.0)
      json (~> 2.3)
      language_server-protocol (>= 3.17.0)
      parallel (~> 1.10)
      parser (>= 3.2.2.4)
      rainbow (>= 2.2.2, < 4.0)
      regexp_parser (>= 1.8, < 3.0)
      rexml (>= 3.2.5, < 4.0)
      rubocop-ast (>= 1.30.0, < 2.0)
      ruby-progressbar (~> 1.7)
      unicode-display_width (>= 2.4.0, < 3.0)
    rubocop-ast (1.30.0)
      parser (>= 3.2.1.0)
    ruby-openai (6.3.1)
      event_stream_parser (>= 0.3.0, < 2.0.0)
      faraday (>= 1)
      faraday-multipart (>= 1)
    ruby-progressbar (1.13.0)
    ruby2_keywords (0.0.5)
    signet (0.18.0)
      addressable (~> 2.8)
      faraday (>= 0.17.5, < 3.a)
      jwt (>= 1.5, < 3.0)
      multi_json (~> 1.10)
    sweet-moon (0.0.7)
      ffi (~> 1.15, >= 1.15.5)
    unicode-display_width (2.5.0)

PLATFORMS
  x86_64-linux

DEPENDENCIES
  aws-sdk-polly (~> 1.80)
  dotenv (~> 2.8, >= 2.8.1)
  google-cloud-text_to_speech (~> 1.5)
  nano-bots (~> 2.2)
  pry-byebug (~> 3.10, >= 3.10.1)
  rainbow (~> 3.1, >= 3.1.1)
  rubocop (~> 1.58)
  ruby-openai (~> 6.3, >= 6.3.1)

BUNDLED WITH
   2.4.22
